GEM
  remote: https://rubygems.org/
  specs:
    daemons (1.2.4)
    em-hiredis (0.3.1)
      eventmachine (~> 1.0)
      hiredis (~> 0.6.0)
    em-websocket (0.5.1)
      eventmachine (>= 0.12.9)
      http_parser.rb (~> 0.6.0)
    eventmachine (1.2.5)
    hiredis (0.6.1)
    http_parser.rb (0.6.0)
    rack (2.0.3)
    thin (1.7.2)
      daemons (~> 1.0, >= 1.0.9)
      eventmachine (~> 1.0, >= 1.0.4)
      rack (>= 1, < 3)

PLATFORMS
  ruby

DEPENDENCIES
  em-hiredis
  em-websocket
  eventmachine
  thin

BUNDLED WITH
   1.14.6
